PATH
  remote: .
  specs:
    rulers (0.0.2)
      rack (= 2.2.3)

GEM
  remote: https://rubygems.org/
  specs:
    minitest (5.14.4)
    rack (2.2.3)
    rack-test (1.1.0)
      rack (>= 1.0, < 3)
    rake (12.3.3)

PLATFORMS
  ruby

DEPENDENCIES
  minitest (~> 5.0)
  rack-test (= 1.1.0)
  rake (~> 12.0)
  rulers!

BUNDLED WITH
   2.1.4
